PATH
  remote: vendor/rails_strap-1.0.3
  specs:
    rails_strap (1.0.3)
      flexslider (= 2.0.2)
      jquery-rails (~> 2.0)
      less-rails (~> 2.2)
      prettyphoto-rails (= 0.2.0)
      twitter-bootstrap-rails (= 2.2.6)

GEM
  remote: https://rubygems.org/
  specs:
    actionmailer (3.2.14)
      actionpack (= 3.2.14)
      mail (~> 2.5.4)
    actionpack (3.2.14)
      activemodel (= 3.2.14)
      activesupport (= 3.2.14)
      builder (~> 3.0.0)
      erubis (~> 2.7.0)
      journey (~> 1.0.4)
      rack (~> 1.4.5)
      rack-cache (~> 1.2)
      rack-test (~> 0.6.1)
      sprockets (~> 2.2.1)
    activemodel (3.2.14)
      activesupport (= 3.2.14)
      builder (~> 3.0.0)
    activerecord (3.2.14)
      activemodel (= 3.2.14)
      activesupport (= 3.2.14)
      arel (~> 3.0.2)
      tzinfo (~> 0.3.29)
    activeresource (3.2.14)
      activemodel (= 3.2.14)
      activesupport (= 3.2.14)
    activesupport (3.2.14)
      i18n (~> 0.6, >= 0.6.4)
      multi_json (~> 1.0)
    acts-as-taggable-on (2.4.1)
      rails (>= 3, < 5)
    acts_as_indexed (0.7.8)
    arel (3.0.2)
    awesome_nested_set (2.1.6)
      activerecord (>= 3.0.0)
    babosa (0.3.11)
    bcrypt-ruby (3.0.1)
    builder (3.0.4)
    coderay (1.0.9)
    coffee-rails (3.2.2)
      coffee-script (>= 2.2.0)
      railties (~> 3.2.0)
    coffee-script (2.2.0)
      coffee-script-source
      execjs
    coffee-script-source (1.6.2)
    columnize (0.3.6)
    commonjs (0.2.6)
    daemons (1.1.9)
    dalli (2.6.4)
    debugger (1.6.0)
      columnize (>= 0.3.1)
      debugger-linecache (~> 1.2.0)
      debugger-ruby_core_source (~> 1.2.1)
    debugger-linecache (1.2.0)
    debugger-ruby_core_source (1.2.3)
    devise (2.0.5)
      bcrypt-ruby (~> 3.0)
      orm_adapter (~> 0.0.3)
      railties (~> 3.1)
      warden (~> 1.1.1)
    dragonfly (0.9.15)
      multi_json (~> 1.0)
      rack
    erubis (2.7.0)
    eventmachine (1.0.3)
    excon (0.23.0)
    execjs (1.4.0)
      multi_json (~> 1.0)
    filters_spam (0.3)
    flexslider (2.0.2)
    fog (1.12.1)
      builder
      excon (~> 0.23.0)
      formatador (~> 0.2.0)
      mime-types
      multi_json (~> 1.0)
      net-scp (~> 1.1)
      net-ssh (>= 2.1.3)
      nokogiri (~> 1.5.0)
      ruby-hmac
    formatador (0.2.4)
    friendly_id (4.0.9)
    globalize3 (0.3.0)
      activemodel (>= 3.0.0)
      activerecord (>= 3.0.0)
      paper_trail (~> 2)
    haml (4.0.3)
      tilt
    hike (1.2.3)
    i18n (0.6.5)
    journey (1.0.4)
    jquery-rails (2.0.3)
      railties (>= 3.1.0, < 5.0)
      thor (~> 0.14)
    json (1.8.0)
    kgio (2.8.0)
    less (2.3.2)
      commonjs (~> 0.2.6)
    less-rails (2.3.3)
      actionpack (>= 3.1)
      less (~> 2.3.1)
    libv8 (3.11.8.17)
    mail (2.5.4)
      mime-types (~> 1.16)
      treetop (~> 1.4.8)
    method_source (0.8.1)
    mime-types (1.25)
    multi_json (1.8.0)
    net-scp (1.1.2)
      net-ssh (>= 2.6.5)
    net-ssh (2.6.8)
    newrelic_rpm (3.6.7.152)
    nokogiri (1.5.10)
    orm_adapter (0.0.7)
    paper_trail (2.7.2)
      activerecord (~> 3.0)
      railties (~> 3.0)
    pg (0.15.1)
    polyglot (0.3.3)
    prettyphoto-rails (0.2.0)
      jquery-rails
      rails (>= 3.1)
      sass-rails
      uglifier
    pry (0.9.12.2)
      coderay (~> 1.0.5)
      method_source (~> 0.8)
      slop (~> 3.4)
    pry-debugger (0.2.2)
      debugger (~> 1.3)
      pry (~> 0.9.10)
    pry-rails (0.3.1)
      pry (>= 0.9.10)
    rack (1.4.5)
    rack-cache (1.2)
      rack (>= 0.4)
    rack-ssl (1.3.3)
      rack
    rack-test (0.6.2)
      rack (>= 1.0)
    rails (3.2.14)
      actionmailer (= 3.2.14)
      actionpack (= 3.2.14)
      activerecord (= 3.2.14)
      activeresource (= 3.2.14)
      activesupport (= 3.2.14)
      bundler (~> 1.0)
      railties (= 3.2.14)
    rails_12factor (0.0.2)
      rails_serve_static_assets
      rails_stdout_logging
    rails_autolink (1.1.0)
      rails (> 3.1)
    rails_serve_static_assets (0.0.1)
    rails_stdout_logging (0.0.2)
    railties (3.2.14)
      actionpack (= 3.2.14)
      activesupport (= 3.2.14)
      rack-ssl (~> 1.3.2)
      rake (>= 0.8.7)
      rdoc (~> 3.4)
      thor (>= 0.14.6, < 2.0)
    raindrops (0.13.0)
    rake (10.1.0)
    rdoc (3.12.2)
      json (~> 1.4)
    ref (1.0.5)
    refinerycms (2.0.10)
      bundler (~> 1.0)
      refinerycms-authentication (= 2.0.10)
      refinerycms-core (= 2.0.10)
      refinerycms-dashboard (= 2.0.10)
      refinerycms-images (= 2.0.10)
      refinerycms-pages (= 2.0.10)
      refinerycms-resources (= 2.0.10)
    refinerycms-authentication (2.0.10)
      devise (~> 2.0.5)
      orm_adapter (~> 0.0.7)
      refinerycms-core (= 2.0.10)
    refinerycms-blog (2.0.4)
      acts-as-taggable-on
      filters_spam (~> 0.2)
      rails_autolink
      refinerycms-core (~> 2.0.3)
      refinerycms-settings (~> 2.0.1)
      seo_meta (~> 1.3.0)
    refinerycms-core (2.0.10)
      acts_as_indexed (~> 0.7.7)
      awesome_nested_set (~> 2.1.3)
      coffee-rails (~> 3.2.1)
      friendly_id (~> 4.0.9)
      globalize3 (~> 0.3.0)
      jquery-rails (~> 2.0.0)
      rails (>= 3.1.11, < 3.3, != 3.2.9, != 3.2.8, != 3.2.7, != 3.2.6, != 3.2.5, != 3.2.4, != 3.2.3, != 3.2.2, != 3.2.11, != 3.2.10, != 3.2.1, != 3.2.0)
      sass-rails (~> 3.2.3)
      truncate_html (~> 0.5.5)
      uglifier (>= 1.0.3)
      will_paginate (~> 3.0.2)
    refinerycms-dashboard (2.0.10)
      refinerycms-core (= 2.0.10)
    refinerycms-i18n (2.0.2)
      refinerycms-core (~> 2.0.0)
      routing-filter (>= 0.2.3)
    refinerycms-images (2.0.10)
      dragonfly (~> 0.9.8)
      rack-cache (>= 0.5.3)
      refinerycms-core (= 2.0.10)
    refinerycms-inquiries (2.0.3)
      filters_spam (~> 0.2)
      refinerycms-core (~> 2.0.1)
      refinerycms-settings (~> 2.0.1)
    refinerycms-pages (2.0.10)
      awesome_nested_set (~> 2.1.3)
      babosa (!= 0.3.6)
      refinerycms-core (= 2.0.10)
      seo_meta (~> 1.3.0)
    refinerycms-resources (2.0.10)
      dragonfly (~> 0.9.8)
      rack-cache (>= 0.5.3)
      refinerycms-core (= 2.0.10)
    refinerycms-settings (2.0.3)
      acts_as_indexed (~> 0.7.7)
      refinerycms-core (~> 2.0.10)
    routing-filter (0.3.1)
      actionpack
    ruby-hmac (0.4.0)
    sass (3.2.9)
    sass-rails (3.2.6)
      railties (~> 3.2.0)
      sass (>= 3.1.10)
      tilt (~> 1.3)
    seo_meta (1.3.0)
      railties (>= 3.0.0)
    slop (3.4.5)
    sprockets (2.2.2)
      hike (~> 1.2)
      multi_json (~> 1.0)
      rack (~> 1.0)
      tilt (~> 1.1, != 1.3.0)
    sqlite3 (1.3.7)
    therubyracer (0.11.4)
      libv8 (~> 3.11.8.12)
      ref
    thin (1.5.1)
      daemons (>= 1.0.9)
      eventmachine (>= 0.12.6)
      rack (>= 1.0.0)
    thor (0.18.1)
    tilt (1.4.1)
    treetop (1.4.15)
      polyglot
      polyglot (>= 0.3.1)
    truncate_html (0.5.5)
    turbolinks (2.2.2)
      coffee-rails
    twitter-bootstrap-rails (2.2.6)
      actionpack (>= 3.1)
      execjs
      railties (>= 3.1)
    tzinfo (0.3.37)
    uglifier (2.1.1)
      execjs (>= 0.3.0)
      multi_json (~> 1.0, >= 1.0.2)
    unicorn (4.8.3)
      kgio (~> 2.6)
      rack
      raindrops (~> 0.7)
    warden (1.1.1)
      rack (>= 1.0)
    will_paginate (3.0.4)

PLATFORMS
  ruby

DEPENDENCIES
  coffee-rails (~> 3.2.1)
  dalli
  fog
  haml
  jquery-rails
  kgio
  newrelic_rpm
  pg
  pry-debugger
  pry-rails
  rack-cache
  rails (= 3.2.14)
  rails_12factor
  rails_strap!
  refinerycms (~> 2.0.0)
  refinerycms-blog (~> 2.0.0)
  refinerycms-i18n (~> 2.0.0)
  refinerycms-inquiries (~> 2.0.0)
  sass-rails (~> 3.2.3)
  sqlite3
  therubyracer
  thin
  turbolinks
  uglifier (>= 1.0.3)
  unicorn
